GEM
  remote: https://rubygems.org/
  specs:
    activemodel (5.1.0)
      activesupport (= 5.1.0)
    activerecord (5.1.0)
      activemodel (= 5.1.0)
      activesupport (= 5.1.0)
      arel (~> 8.0)
    activesupport (5.1.0)
      concurrent-ruby (~> 1.0, >= 1.0.2)
      i18n (~> 0.7)
      minitest (~> 5.1)
      tzinfo (~> 1.1)
    arel (8.0.0)
    colorize (0.8.1)
    concurrent-ruby (1.0.5)
    i18n (0.8.1)
    minitest (5.10.2)
    smarter_csv (1.1.4)
    thread_safe (0.3.6)
    tzinfo (1.2.3)
      thread_safe (~> 0.1)

PLATFORMS
  ruby

DEPENDENCIES
  activerecord (~> 5.0)
  bundler (~> 1.14)
  colorize (~> 0.8)
  smarter_csv (~> 1.1)

BUNDLED WITH
   1.14.3
